PATH
  remote: .
  specs:
    shoulda-change_matchers (0.0.2)

GEM
  remote: https://rubygems.org/
  specs:
    activesupport (3.2.8)
      i18n (~> 0.6)
      multi_json (~> 1.0)
    appraisal (0.4.1)
      bundler
      rake
    bump (0.5.0)
    i18n (0.6.0)
    multi_json (1.3.6)
    rake (0.9.2)
    shoulda (3.1.1)
      shoulda-context (~> 1.0)
      shoulda-matchers (~> 1.2)
    shoulda-context (1.0.0)
    shoulda-matchers (1.2.0)
      activesupport (>= 3.0.0)
    test-unit (2.5.2)

PLATFORMS
  ruby

DEPENDENCIES
  appraisal
  bump
  rake
  shoulda
  shoulda-change_matchers!
  test-unit (>= 2.5.1)
